PATH
  remote: .
  specs:
    lncs (0.0.2)
      json (~> 1.7)
      pdf-reader (~> 1.3)
      thor (~> 0.18)
      zip (~> 2.0)

GEM
  remote: https://rubygems.org/
  specs:
    Ascii85 (1.0.2)
    afm (0.2.0)
    hashery (2.1.0)
    json (1.8.1)
    pdf-reader (1.3.3)
      Ascii85 (~> 1.0.0)
      afm (~> 0.2.0)
      hashery (~> 2.0)
      ruby-rc4
      ttfunk
    rake (10.0.4)
    ruby-rc4 (0.1.5)
    thor (0.19.1)
    ttfunk (1.0.3)
    zip (2.0.2)

PLATFORMS
  ruby

DEPENDENCIES
  bundler (~> 1.3)
  lncs!
  rake
